GEM
  remote: https://rubygems.org/
  specs:
    appraisal (2.1.0)
      bundler
      rake
      thor (>= 0.14.0)
    rake (11.3.0)
    thor (0.19.1)

PLATFORMS
  ruby

DEPENDENCIES
  appraisal

BUNDLED WITH
   1.13.6
